PATH
  remote: .
  specs:
    firew0rks (0.2.0)

GEM
  remote: https://rubygems.org/
  specs:
    rake (13.2.1)

PLATFORMS
  arm64-darwin-24
  ruby

DEPENDENCIES
  firew0rks!
  rake (~> 13.0)

BUNDLED WITH
   2.6.2
